GEM
  remote: https://rubygems.org/
  specs:
    rack (3.1.7)
    robocop (0.1.1)
      rack

PLATFORMS
  ruby
  x86_64-linux

DEPENDENCIES
  robocop (~> 0.1.1)

BUNDLED WITH
   2.5.7
